PATH
  remote: .
  specs:
    geoelevation (0.0.4)
      chunky_png
      rubyzip

GEM
  remote: https://rubygems.org/
  specs:
    byebug (11.1.3)
    chunky_png (1.4.0)
    minitest (5.18.1)
    rake (13.0.6)
    rubyzip (2.3.2)

PLATFORMS
  x86_64-linux

DEPENDENCIES
  byebug
  geoelevation!
  minitest
  rake

BUNDLED WITH
   2.4.10
